GEM
  remote: https://rubygems.org/
  specs:
    concurrent-ruby (1.1.5)
    faker (2.9.0)
      i18n (>= 1.6, < 1.8)
    i18n (1.7.0)
      concurrent-ruby (~> 1.0)
    iron_cache (1.3.0)
      iron_core (>= 0.4.2)
    iron_core (0.5.1)
      rest (>= 2.2.0)
    iron_worker_ng (0.15.0)
      bundler (>= 1.2.0)
      iron_core (>= 0.5.1)
      rubyzip (>= 0.9.9)
    listen (0.7.1)
    mime-types (1.19)
    mustermann (3.0.0)
      ruby2_keywords (~> 0.0.1)
    net-http-persistent (2.8)
    rack (2.2.6.3)
    rack-protection (3.0.5)
      rack
    rb-fsevent (0.9.3)
    rerun (0.7.1)
      listen
    rest (2.2.0)
      net-http-persistent
      rest-client (>= 0.3.0)
    rest-client (1.6.7)
      mime-types (>= 1.16)
    ruby2_keywords (0.0.5)
    rubyzip (2.0.0)
    sinatra (3.0.5)
      mustermann (~> 3.0)
      rack (~> 2.2, >= 2.2.4)
      rack-protection (= 3.0.5)
      tilt (~> 2.0)
    tilt (2.1.0)

PLATFORMS
  ruby

DEPENDENCIES
  faker (>= 1.0.1)
  iron_cache
  iron_worker_ng
  rb-fsevent
  rerun
  sinatra (>= 2.0.0)

BUNDLED WITH
   1.17.3
