GEM
  remote: https://rubygems.org/
  specs:
    concurrent-ruby (1.1.5)
    faker (1.0.1)
      i18n (~> 0.4)
    i18n (0.9.5)
      concurrent-ruby (~> 1.0)
    iron_cache (1.3.0)
      iron_core (>= 0.4.2)
    iron_core (0.5.1)
      rest (>= 2.2.0)
    iron_worker_ng (0.15.0)
      bundler (>= 1.2.0)
      iron_core (>= 0.5.1)
      rubyzip (>= 0.9.9)
    listen (0.7.1)
    mime-types (1.19)
    net-http-persistent (2.8)
    rack (1.6.12)
    rack-protection (1.5.5)
      rack
    rb-fsevent (0.9.3)
    rerun (0.7.1)
      listen
    rest (2.2.0)
      net-http-persistent
      rest-client (>= 0.3.0)
    rest-client (1.6.7)
      mime-types (>= 1.16)
    rubyzip (2.0.0)
    sinatra (1.3.3)
      rack (~> 1.3, >= 1.3.6)
      rack-protection (~> 1.2)
      tilt (~> 1.3, >= 1.3.3)
    tilt (1.3.3)

PLATFORMS
  ruby

DEPENDENCIES
  faker
  iron_cache
  iron_worker_ng
  rb-fsevent
  rerun
  sinatra
