GEM
  remote: https://rubygems.org/
  specs:
    faker (1.0.1)
      i18n (~> 0.4)
    i18n (0.6.1)
    iron_cache (1.3.0)
      iron_core (>= 0.4.2)
    iron_core (1.0.12)
      rest (>= 3.0.8)
    iron_worker_ng (1.6.10)
      bundler
      iron_core (>= 1.0.6)
      rubyzip (>= 1.0.0)
    listen (0.7.1)
    net-http-persistent (2.9.4)
    netrc (0.11.0)
    rack (1.4.2)
    rack-protection (1.3.2)
      rack
    rb-fsevent (0.9.3)
    rerun (0.7.1)
      listen
    rest (3.0.8)
      net-http-persistent (>= 2.9.1, < 3)
      netrc
    rubyzip (2.0.0)
    sinatra (1.3.3)
      rack (~> 1.3, >= 1.3.6)
      rack-protection (~> 1.2)
      tilt (~> 1.3, >= 1.3.3)
    tilt (1.3.3)

PLATFORMS
  ruby

DEPENDENCIES
  faker
  iron_cache
  iron_worker_ng (>= 0.15.0)
  rb-fsevent
  rerun
  sinatra

BUNDLED WITH
   1.17.3
