GEM
  remote: https://rubygems.org/
  specs:
    concurrent-ruby (1.1.5)
    domain_name (0.5.20190701)
      unf (>= 0.0.5, < 1.0.0)
    faker (2.9.0)
      i18n (>= 1.6, < 1.8)
    http-accept (1.7.0)
    http-cookie (1.0.3)
      domain_name (~> 0.5)
    i18n (1.7.0)
      concurrent-ruby (~> 1.0)
    iron_cache (1.3.0)
      iron_core (>= 0.4.2)
    iron_core (0.5.1)
      rest (>= 2.2.0)
    iron_worker_ng (0.15.0)
      bundler (>= 1.2.0)
      iron_core (>= 0.5.1)
      rubyzip (>= 0.9.9)
    listen (0.7.1)
    mime-types (3.3.1)
      mime-types-data (~> 3.2015)
    mime-types-data (3.2019.1009)
    net-http-persistent (2.8)
    netrc (0.11.0)
    rack (1.6.12)
    rack-protection (1.5.5)
      rack
    rb-fsevent (0.9.3)
    rerun (0.7.1)
      listen
    rest (2.2.0)
      net-http-persistent
      rest-client (>= 0.3.0)
    rest-client (2.1.0)
      http-accept (>= 1.7.0, < 2.0)
      http-cookie (>= 1.0.2, < 2.0)
      mime-types (>= 1.16, < 4.0)
      netrc (~> 0.8)
    rubyzip (2.0.0)
    sinatra (1.3.3)
      rack (~> 1.3, >= 1.3.6)
      rack-protection (~> 1.2)
      tilt (~> 1.3, >= 1.3.3)
    tilt (1.3.3)
    unf (0.1.4)
      unf_ext
    unf_ext (0.0.7.6)

PLATFORMS
  ruby

DEPENDENCIES
  faker (>= 1.0.1)
  iron_cache
  iron_worker_ng
  rb-fsevent
  rerun
  sinatra

BUNDLED WITH
   1.17.3
