GEM
  remote: https://rubygems.org/
  specs:
    concurrent-ruby (1.1.5)
    faker (2.9.0)
      i18n (>= 1.6, < 1.8)
    i18n (1.7.0)
      concurrent-ruby (~> 1.0)
    iron_cache (1.4.2)
      iron_core (>= 0.5.1)
    iron_core (1.0.12)
      rest (>= 3.0.8)
    iron_worker_ng (1.6.10)
      bundler
      iron_core (>= 1.0.6)
      rubyzip (>= 1.0.0)
    listen (0.7.1)
    mustermann (3.0.0)
      ruby2_keywords (~> 0.0.1)
    net-http-persistent (2.9.4)
    netrc (0.11.0)
    rack (2.2.6.4)
    rack-protection (3.0.5)
      rack
    rb-fsevent (0.9.3)
    rerun (0.7.1)
      listen
    rest (3.0.8)
      net-http-persistent (>= 2.9.1, < 3)
      netrc
    ruby2_keywords (0.0.5)
    rubyzip (2.3.2)
    sinatra (3.0.5)
      mustermann (~> 3.0)
      rack (~> 2.2, >= 2.2.4)
      rack-protection (= 3.0.5)
      tilt (~> 2.0)
    tilt (2.1.0)

PLATFORMS
  ruby

DEPENDENCIES
  faker (>= 1.0.1)
  iron_cache
  iron_worker_ng
  rb-fsevent
  rerun
  sinatra (>= 2.2.3)

BUNDLED WITH
   1.17.3
